PATH
  remote: .
  specs:
    jot-ruby-js (0.1.3)
      execjs (~> 2.7.0)
      jot-ruby (~> 0.1.4)
      multi_json (~> 1.13)

GEM
  remote: https://rubygems.org/
  specs:
    byebug (10.0.2)
    coderay (1.1.2)
    diff-lcs (1.3)
    execjs (2.7.0)
    jot-ruby (0.1.4)
    libv8 (6.7.288.46.1)
    method_source (0.9.2)
    mini_racer (0.2.4)
      libv8 (>= 6.3)
    multi_json (1.13.1)
    oj (3.7.8)
    pry (0.11.3)
      coderay (~> 1.1.0)
      method_source (~> 0.9.0)
    rake (10.5.0)
    rspec (3.8.0)
      rspec-core (~> 3.8.0)
      rspec-expectations (~> 3.8.0)
      rspec-mocks (~> 3.8.0)
    rspec-core (3.8.0)
      rspec-support (~> 3.8.0)
    rspec-expectations (3.8.2)
      diff-lcs (>= 1.2.0, < 2.0)
      rspec-support (~> 3.8.0)
    rspec-mocks (3.8.0)
      diff-lcs (>= 1.2.0, < 2.0)
      rspec-support (~> 3.8.0)
    rspec-support (3.8.0)

PLATFORMS
  ruby

DEPENDENCIES
  bundler (~> 1.16)
  byebug
  execjs
  jot-ruby-js!
  mini_racer
  oj
  pry (~> 0.11.3)
  rake (~> 10.0)
  rspec (~> 3.0)

BUNDLED WITH
   1.17.3
